GEM
  remote: https://rubygems.org/
  specs:
    apache_log_parser (1.1.0)
    ast (2.4.2)
    dotenv (0.11.1)
      dotenv-deployment (~> 0.0.2)
    dotenv-deployment (0.0.2)
    haml (4.0.5)
      tilt
    parallel (1.20.1)
    parser (3.0.1.1)
      ast (~> 2.4.1)
    rainbow (3.0.0)
    rake (13.0.3)
    regexp_parser (2.1.1)
    rexml (3.3.6)
      strscan
    rubocop (1.14.0)
      parallel (~> 1.10)
      parser (>= 3.0.0.0)
      rainbow (>= 2.2.2, < 4.0)
      regexp_parser (>= 1.8, < 3.0)
      rexml
      rubocop-ast (>= 1.5.0, < 2.0)
      ruby-progressbar (~> 1.7)
      unicode-display_width (>= 1.4.0, < 3.0)
    rubocop-ast (1.7.0)
      parser (>= 3.0.1.1)
    rubocop-performance (1.11.2)
      rubocop (>= 1.7.0, < 2.0)
      rubocop-ast (>= 0.4.0)
    ruby-progressbar (1.11.0)
    sass (3.3.7)
    standard (1.1.1)
      rubocop (= 1.14.0)
      rubocop-performance (= 1.11.2)
    strscan (3.1.0)
    tilt (2.0.1)
    unicode-display_width (2.0.0)

PLATFORMS
  ruby
  x86_64-darwin-19

DEPENDENCIES
  apache_log_parser
  dotenv
  haml
  rake
  sass
  standard

RUBY VERSION
   ruby 2.7.1p83

BUNDLED WITH
   2.2.1
