GEM
  remote: https://rubygems.org/
  specs:
    apache_log_parser (1.1.0)
    dotenv (0.11.1)
      dotenv-deployment (~> 0.0.2)
    dotenv-deployment (0.0.2)
    haml (4.0.5)
      tilt
    rake (13.0.3)
    sass (3.3.7)
    tilt (2.0.1)

PLATFORMS
  ruby
  x86_64-darwin-19

DEPENDENCIES
  apache_log_parser
  dotenv
  haml
  rake
  sass

RUBY VERSION
   ruby 2.7.1p83

BUNDLED WITH
   2.2.1
