GEM
  remote: https://rubygems.org/
  specs:
    apache_log_parser (1.1.0)
    dotenv (0.11.1)
      dotenv-deployment (~> 0.0.2)
    dotenv-deployment (0.0.2)
    haml (4.0.5)
      tilt
    sass (3.3.7)
    tilt (2.0.1)

PLATFORMS
  ruby

DEPENDENCIES
  apache_log_parser
  dotenv
  haml
  sass
